GEM
  remote: https://rubygems.org/
  specs:
    icalendar (2.3.0)
    nickel (0.1.6)
    pmap (1.1.1)
    scientist (1.0.0)
    slop (4.2.1)
    sqlite3 (1.3.11)
    terminal-table (1.5.2)
    thor (0.19.1)

PLATFORMS
  ruby

DEPENDENCIES
  icalendar
  nickel
  pmap
  scientist
  slop
  sqlite3
  terminal-table
  thor

BUNDLED WITH
   1.10.6
